GEM
  remote: https://rubygems.org/
  specs:
    addressable (2.7.0)
      public_suffix (>= 2.0.2, < 5.0)
    crack (0.4.3)
      safe_yaml (~> 1.0.0)
    dotenv (2.7.5)
    hashdiff (1.0.0)
    json (2.3.0)
    minitest (5.14.0)
    oauth (0.5.4)
    public_suffix (4.0.3)
    rake (13.0.1)
    safe_yaml (1.0.5)
    vcr (5.0.0)
    webmock (3.8.0)
      addressable (>= 2.3.6)
      crack (>= 0.3.2)
      hashdiff (>= 0.4.0, < 2.0.0)

PLATFORMS
  ruby

DEPENDENCIES
  dotenv
  json
  minitest
  oauth
  rake
  vcr
  webmock

BUNDLED WITH
   1.17.2
